

GROUP Build
CONTENT: NONE
NUGET
  remote: https://www.nuget.org/api/v2
  specs:
    Chessie (0.4.0) - content: none
      FSharp.Core
    FAKE (4.17.1) - content: none
    FSharp.Core (4.0.0.1) - content: none
    Mono.Cecil (0.9.5.4) - content: none
    Newtonsoft.Json (8.0.2) - content: none
    Paket.Core (2.48.1) - content: none
      Chessie
      FSharp.Core
      Newtonsoft.Json
    SourceLink.Fake (1.1.0) - content: none
GITHUB
  remote: vrvis/Aardvark.Fake
  specs:
    FULLPROJECT (13a0da65df93d74fb87c02032d1ed23ca465fe99)
      FAKE (>= 4.17.0 < 4.18.0)
      Mono.Cecil (>= 0.9.5.4 < 0.9.6.0)
      Paket.Core (>= 2.48.0 < 2.49.0)
      SourceLink.Fake (>= 1.1.0 < 1.2.0)