NUGET
  remote: https://vrvis.myget.org/F/aardvark_public/api/v2
  specs:
    Aardvark.Base (1.3.34)
      DevILSharp (>= 0.0.11 < 0.1.0)
    Aardvark.Base.Essentials (1.3.34)
      Aardvark.Base (>= 1.3.34)
      Rx-Linq (>= 2.2.5 < 2.3.0)
      System.Collections.Immutable (>= 1.1.36 < 1.2.0)
    Aardvark.Base.FSharp (1.3.34)
      Aardvark.Base (>= 1.3.34)
      DevILSharp (>= 0.0.11 < 0.1.0)
      FSharp.Compiler.Service (>= 0.0.90 < 0.1.0)
      RegexProvider (>= 0.0.5 < 0.1.0)
    Aardvark.Base.Incremental (1.3.34)
      Aardvark.Base (1.3.34)
      Aardvark.Base.Essentials (1.3.34)
      Aardvark.Base.FSharp (1.3.34)
    Aardvark.Base.Rendering (1.4.12)
      Aardvark.Base.Incremental (>= 1.3.28 < 1.4.0)
  remote: https://nuget.org/api/v2
  specs:
    DevILSharp (0.0.13)
    FSharp.Compiler.Service (0.0.90)
    RegexProvider (0.0.5)
    Rx-Core (2.2.5)
      Rx-Interfaces (>= 2.2.5)
    Rx-Interfaces (2.2.5)
    Rx-Linq (2.2.5)
      Rx-Core (>= 2.2.5)
      Rx-Interfaces (>= 2.2.5)
    System.Collections (4.0.10)
      System.Diagnostics.Debug (>= 4.0.0)
      System.Resources.ResourceManager (>= 4.0.0)
      System.Runtime (>= 4.0.0)
      System.Runtime (>= 4.0.20)
      System.Runtime.Extensions (>= 4.0.0)
      System.Threading (>= 4.0.0)
    System.Collections.Immutable (1.1.37)
      System.Collections (>= 4.0.0)
      System.Diagnostics.Debug (>= 4.0.0)
      System.Globalization (>= 4.0.0)
      System.Linq (>= 4.0.0)
      System.Resources.ResourceManager (>= 4.0.0)
      System.Runtime (>= 4.0.0)
      System.Runtime.Extensions (>= 4.0.0)
      System.Threading (>= 4.0.0)
    System.Diagnostics.Debug (4.0.10)
      System.Runtime (>= 4.0.0)
    System.Globalization (4.0.10)
      System.Runtime (>= 4.0.0)
    System.IO (4.0.10)
      System.Globalization (>= 4.0.0)
      System.Runtime (>= 4.0.20)
      System.Text.Encoding (>= 4.0.0)
      System.Text.Encoding (>= 4.0.10)
      System.Text.Encoding.Extensions (>= 4.0.0)
      System.Threading (>= 4.0.0)
      System.Threading.Tasks (>= 4.0.0)
    System.Linq (4.0.0)
      System.Collections (>= 4.0.10)
      System.Diagnostics.Debug (>= 4.0.10)
      System.Resources.ResourceManager (>= 4.0.0)
      System.Runtime (>= 4.0.20)
      System.Runtime.Extensions (>= 4.0.10)
    System.Private.Uri (4.0.0)
    System.Reflection (4.0.10)
      System.IO (>= 4.0.0)
      System.Reflection.Primitives (>= 4.0.0)
      System.Runtime (>= 4.0.20)
    System.Reflection.Primitives (4.0.0)
      System.Runtime (>= 4.0.0)
      System.Threading (>= 4.0.0)
    System.Resources.ResourceManager (4.0.0)
      System.Globalization (>= 4.0.0)
      System.Reflection (>= 4.0.0)
      System.Reflection (>= 4.0.10)
      System.Runtime (>= 4.0.0)
      System.Runtime (>= 4.0.20)
    System.Runtime (4.0.20)
      System.Private.Uri (>= 4.0.0)
    System.Runtime.Extensions (4.0.10)
      System.Runtime (>= 4.0.20)
    System.Text.Encoding (4.0.10)
      System.Runtime (>= 4.0.0)
    System.Text.Encoding.Extensions (4.0.10)
      System.Runtime (>= 4.0.0)
      System.Text.Encoding (>= 4.0.10)
    System.Threading (4.0.10)
      System.Runtime (>= 4.0.0)
      System.Threading.Tasks (>= 4.0.0)
    System.Threading.Tasks (4.0.10)
      System.Runtime (>= 4.0.0)
