RESTRICTION: == net471
NUGET
  remote: https://api.nuget.org/v3/index.json
    Aardvark.Base (4.0.13)
      Aardvark.Base.Telemetry (4.0.13)
      DevILSharp (>= 0.2.4 < 0.3)
      System.Collections.Immutable (>= 1.4)
    Aardvark.Base.FSharp (4.0.13)
      Aardvark.Base (4.0.13)
      Aardvark.Base.TypeProviders (4.0.13)
      DevILSharp (>= 0.2.4 < 0.3)
      FSharp.Core (>= 4.3 < 4.4)
      System.Dynamic.Runtime (>= 4.3 < 4.4)
    Aardvark.Base.Telemetry (4.0.13)
    Aardvark.Base.TypeProviders (4.0.13)
      FSharp.Core (>= 4.3 < 4.4)
    FSharp.Core (4.3.4)
    System.Collections.Immutable (1.5)
    System.Dynamic.Runtime (4.3)
  remote: https://vrvis.myget.org/F/aardvark_public/api/v3/index.json
    DevILSharp (0.2.4)
      FSharp.Core (>= 4.3 < 4.4)

GROUP Build
CONTENT: NONE
RESTRICTION: == net471
NUGET
  remote: https://api.nuget.org/v3/index.json
    FAKE (4.63.2) - content: none
    Mono.Cecil (0.10) - content: none
    SourceLink.Fake (1.1) - content: none
GITHUB
  remote: vrvis/Aardvark.Fake
    FULLPROJECT (9b337575e1ec13a611f4416d1df485f382f8c631)
      FAKE (>= 4.63 < 4.64)
      Mono.Cecil (>= 0.10.0-beta6 < 0.11)
      SourceLink.Fake (>= 1.1 < 1.2)