NUGET
  remote: https://vrvis.myget.org/F/aardvark_public/api/v2
  specs:
    Aardvark.Base (2.1.3)
      DevILSharp (>= 0.0.11 < 0.1.0)
    Aardvark.Base.FSharp (2.1.3)
      Aardvark.Base (>= 2.1.3)
      DevILSharp (>= 0.0.11 < 0.1.0)
      FSharp.Compiler.Service (>= 2.0.0.6 < 2.0.1)
  remote: https://www.nuget.org/api/v2
  specs:
    DevILSharp (0.0.13)
    FSharp.Compiler.Service (2.0.0.6)

GROUP Build
CONTENT: NONE
NUGET
  remote: https://www.nuget.org/api/v2
  specs:
    Chessie (0.4.0) - content: none
      FSharp.Core
    FAKE (4.17.1) - content: none
    FSharp.Core (4.0.0.1) - content: none
    Mono.Cecil (0.9.5.4) - content: none
    Newtonsoft.Json (8.0.2) - content: none
    Paket.Core (2.48.1) - content: none
      Chessie
      FSharp.Core
      Newtonsoft.Json
    SourceLink.Fake (1.1.0) - content: none
GITHUB
  remote: vrvis/Aardvark.Fake
  specs:
    FULLPROJECT (7c479e6e1818b2b868bd2443e79c7afbc68d872f)
      FAKE (< 5.0)
      Mono.Cecil (<= 0.9.5.4)
      Paket.Core (< 4.0.0)
      SourceLink.Fake